GEM
  remote: https://rubygems.org/
  specs:
    childprocess (0.5.9)
      ffi (~> 1.0, >= 1.0.11)
    domain_name (0.5.20160216)
      unf (>= 0.0.5, < 1.0.0)
    ffi (1.9.10)
    ffi (1.9.10-x86-mingw32)
    fxruby (1.6.28)
    fxruby (1.6.28-x86-mingw32)
    http-cookie (1.0.2)
      domain_name (~> 0.5)
    jwt (1.5.4)
    mechanize (2.7.5)
      domain_name (~> 0.5, >= 0.5.1)
      http-cookie (~> 1.0)
      mime-types (>= 1.17.2)
      net-http-digest_auth (~> 1.1, >= 1.1.1)
      net-http-persistent (~> 2.5, >= 2.5.2)
      nokogiri (~> 1.6)
      ntlm-http (~> 0.1, >= 0.1.1)
      webrobots (>= 0.0.9, < 0.2)
    mime-types (2.99.1)
    mini_portile2 (2.0.0)
    net-http-digest_auth (1.4)
    net-http-persistent (2.9.4)
    net-http-pipeline (1.0.1)
    nfnetlink (1.0.2)
      ffi
    nfqueue (1.0.4)
      ffi
      nfnetlink
    nokogiri (1.6.7.2)
      mini_portile2 (~> 2.0.0.rc2)
    nokogiri (1.6.7.2-x86-mingw32)
      mini_portile2 (~> 2.0.0.rc2)
    ntlm-http (0.1.1)
    rubyzip (1.2.0)
    selenium-webdriver (3.0.1)
      childprocess (~> 0.5)
      rubyzip (~> 1.0)
      websocket (~> 1.0)
    unf (0.1.4)
      unf_ext
    unf_ext (0.0.7.2)
    unf_ext (0.0.7.2-x86-mingw32)
    webrobots (0.1.2)
    websocket (1.2.3)

PLATFORMS
  ruby
  x86-mingw32

DEPENDENCIES
  fxruby (= 1.6.28)
  jwt (= 1.5.4)
  mechanize (= 2.7.5)
  net-http-pipeline (= 1.0.1)
  nfqueue (= 1.0.4)
  selenium-webdriver (= 3.0.1)

BUNDLED WITH
   1.14.6
